GEM
  remote: https://rubygems.org/
  specs:
    ffi (1.15.4-x64-mingw32)
    listen (3.7.0)
      rb-fsevent (~> 0.10, >= 0.10.3)
      rb-inotify (~> 0.9, >= 0.9.10)
    mustermann (1.1.1)
      ruby2_keywords (~> 0.0.1)
    rack (2.2.3)
    rack-protection (2.1.0)
      rack
    rb-fsevent (0.11.0)
    rb-inotify (0.10.1)
      ffi (~> 1.0)
    rerun (0.13.1)
      listen (~> 3.0)
    ruby2_keywords (0.0.5)
    sequel (5.48.0)
    sinatra (2.1.0)
      mustermann (~> 1.0)
      rack (~> 2.2)
      rack-protection (= 2.1.0)
      tilt (~> 2.0)
    sqlite3 (1.4.2)
    tilt (2.0.10)
    wdm (0.1.1)

PLATFORMS
  x64-mingw32

DEPENDENCIES
  rack
  rerun
  sequel
  sinatra
  sqlite3
  wdm

BUNDLED WITH
   2.1.4
